GEM
  remote: http://rubygems.org/
  specs:
    coffee-script (2.2.0)
      coffee-script-source
      execjs
    coffee-script-source (1.3.1)
    daemons (1.1.8)
    eventmachine (0.12.10)
    execjs (1.3.0)
      multi_json (~> 1.0)
    faye-websocket (0.4.5)
      eventmachine (>= 0.12.0)
    libv8 (3.3.10.4)
    multi_json (1.2.0)
    presto (0.3.6)
      rack (~> 1.3)
      tilt (~> 1.3)
    rack (1.4.1)
    rack-coffee (1.0.0)
      coffee-script
      rack
    slim (1.2.0)
      temple (~> 0.4.0)
      tilt (~> 1.3.3)
    temple (0.4.0)
    therubyracer (0.10.1)
      libv8 (~> 3.3.10)
    thin (1.3.1)
      daemons (>= 1.0.9)
      eventmachine (>= 0.12.6)
      rack (>= 1.0.0)
    tilt (1.3.3)

PLATFORMS
  ruby

DEPENDENCIES
  coffee-script
  faye-websocket
  presto
  rack-coffee
  slim
  therubyracer
  thin
