GEM
  remote: http://rubygems.org/
  specs:
    presto (0.3.5)
      rack (~> 1.3)
      tilt (~> 1.3)
    rack (1.4.1)
    tilt (1.3.3)

PLATFORMS
  ruby

DEPENDENCIES
  presto
